GEM
  remote: https://rubygems.org/
  specs:
    motion-require (0.2.0)
    motion-support (0.2.6)
      motion-require (>= 0.0.6)
    rake (10.0.3)

PLATFORMS
  ruby

DEPENDENCIES
  motion-support
  rake (~> 10.0.3)
